PATH
  remote: .
  specs:
    docker-spoon (1.0.0)
      docker-api (~> 1.17.0)
      rainbow (~> 2.0)

GEM
  remote: https://rubygems.org/
  specs:
    archive-tar-minitar (0.5.2)
    aruba (0.6.1)
      childprocess (>= 0.3.6)
      cucumber (>= 1.1.1)
      rspec-expectations (>= 2.7.0)
    builder (3.2.2)
    childprocess (0.5.5)
      ffi (~> 1.0, >= 1.0.11)
    cucumber (1.3.17)
      builder (>= 2.1.2)
      diff-lcs (>= 1.1.3)
      gherkin (~> 2.12)
      multi_json (>= 1.7.5, < 2.0)
      multi_test (>= 0.1.1)
    diff-lcs (1.2.5)
    docker-api (1.17.0)
      archive-tar-minitar
      excon (>= 0.38.0)
      json
    excon (0.42.1)
    ffi (1.9.6)
    gherkin (2.12.2)
      multi_json (~> 1.3)
    json (1.8.1)
    multi_json (1.10.1)
    multi_test (0.1.1)
    rainbow (2.0.0)
    rake (0.9.6)
    rdoc (4.2.0)
      json (~> 1.4)
    rspec-expectations (3.1.2)
      diff-lcs (>= 1.2.0, < 2.0)
      rspec-support (~> 3.1.0)
    rspec-support (3.1.2)

PLATFORMS
  ruby

DEPENDENCIES
  aruba
  bundler (~> 1.6)
  docker-spoon!
  rake (~> 0.9.2)
  rdoc
